PATH
  remote: .
  specs:
    webbynode (1.1.0)
      domainatrix (~> 0.0.7)
      highline (~> 1.6.1)
      httparty (~> 0.7.4)
      net-ssh (~> 2.1.0)
      sqlite3 (~> 1.3.4)
      taps (~> 0.3.23)
      webbynode-rainbow (~> 1.1.3)

GEM
  remote: http://rubygems.org/
  specs:
    ZenTest (4.5.0)
    addressable (2.2.4)
    autotest-growl (0.2.9)
    awesome_print (0.3.2)
    configuration (1.2.0)
    crack (0.1.8)
    diff-lcs (1.1.3)
    domainatrix (0.0.7)
      addressable
    fakeweb (1.3.0)
    growl (1.0.3)
    guard (0.3.0)
      open_gem (~> 1.4.2)
      thor (~> 0.14.6)
    guard-rspec (0.1.9)
      guard (>= 0.2.2)
    highline (1.6.1)
    httparty (0.7.4)
      crack (= 0.1.8)
    launchy (0.3.7)
      configuration (>= 0.0.5)
      rake (>= 0.8.1)
    mime-types (1.16)
    net-ssh (2.1.0)
    open_gem (1.4.2)
      launchy (~> 0.3.5)
    rack (1.3.2)
    rake (0.8.7)
    rb-fsevent (0.9.2)
    rcov (0.9.9)
    rest-client (1.6.3)
      mime-types (>= 1.16)
    rspec (2.12.0)
      rspec-core (~> 2.12.0)
      rspec-expectations (~> 2.12.0)
      rspec-mocks (~> 2.12.0)
    rspec-core (2.12.1)
    rspec-expectations (2.12.0)
      diff-lcs (~> 1.1.3)
    rspec-mocks (2.12.0)
    sequel (3.20.0)
    sinatra (1.0)
      rack (>= 1.0)
    sqlite3 (1.3.4)
    sqlite3-ruby (1.3.3)
      sqlite3 (>= 1.3.3)
    taps (0.3.23)
      rack (>= 1.0.1)
      rest-client (>= 1.4.0, < 1.7.0)
      sequel (~> 3.20.0)
      sinatra (~> 1.0.0)
      sqlite3-ruby (~> 1.2)
    thor (0.14.6)
    webbynode-rainbow (1.1.3)

PLATFORMS
  ruby

DEPENDENCIES
  ZenTest (~> 4.5.0)
  autotest-growl (~> 0.2.9)
  awesome_print (~> 0.3.2)
  fakeweb (~> 1.3.0)
  growl (~> 1.0.3)
  guard (~> 0.3.0)
  guard-rspec (~> 0.1.9)
  rb-fsevent (~> 0.9.2)
  rcov (~> 0.9.9)
  rspec (~> 2.12.0)
  webbynode!
