PATH
  remote: .
  specs:
    webbynode (1.1.0.beta2)
      domainatrix (~> 0.0.7)
      highline (~> 1.6.1)
      httparty (~> 0.7.4)
      launchy (~> 2.3.0)
      net-ssh (= 2.1.0)
      sqlite3 (~> 1.3.4)
      taps (~> 0.3.23)
      webbynode-rainbow (~> 1.1.3)

GEM
  remote: https://rubygems.org/
  specs:
    ZenTest (4.5.0)
    addressable (2.3.5)
    autotest-growl (0.2.9)
    awesome_print (0.3.2)
    celluloid (0.15.2)
      timers (~> 1.1.0)
    coderay (1.0.9)
    crack (0.1.8)
    diff-lcs (1.2.4)
    domainatrix (0.0.11)
      addressable
    fakeweb (1.3.0)
    ffi (1.9.0)
    formatador (0.2.4)
    guard (2.1.1)
      formatador (>= 0.2.4)
      listen (~> 2.1)
      lumberjack (~> 1.0)
      pry (>= 0.9.12)
      thor (>= 0.18.1)
    guard-rspec (4.0.3)
      guard (>= 2.1.1)
      rspec (~> 2.14)
    highline (1.6.20)
    httparty (0.7.8)
      crack (= 0.1.8)
    launchy (2.3.0)
      addressable (~> 2.3)
    listen (2.1.1)
      celluloid (>= 0.15.2)
      rb-fsevent (>= 0.9.3)
      rb-inotify (>= 0.9)
    lumberjack (1.0.4)
    method_source (0.8.2)
    mime-types (1.25)
    net-ssh (2.1.0)
    pry (0.9.12.2)
      coderay (~> 1.0.5)
      method_source (~> 0.8)
      slop (~> 3.4)
    rack (1.5.2)
    rake (10.0.4)
    rb-fsevent (0.9.3)
    rb-inotify (0.9.2)
      ffi (>= 0.5.0)
    rest-client (1.6.7)
      mime-types (>= 1.16)
    rspec (2.14.1)
      rspec-core (~> 2.14.0)
      rspec-expectations (~> 2.14.0)
      rspec-mocks (~> 2.14.0)
    rspec-core (2.14.6)
    rspec-expectations (2.14.3)
      diff-lcs (>= 1.1.3, < 2.0)
    rspec-mocks (2.14.4)
    sequel (3.20.0)
    sinatra (1.0)
      rack (>= 1.0)
    slop (3.4.6)
    sqlite3 (1.3.8)
    taps (0.3.24)
      rack (>= 1.0.1)
      rest-client (>= 1.4.0, < 1.7.0)
      sequel (~> 3.20.0)
      sinatra (~> 1.0.0)
    thor (0.18.1)
    timers (1.1.0)
    webbynode-rainbow (1.1.3)

PLATFORMS
  ruby

DEPENDENCIES
  ZenTest (~> 4.5.0)
  autotest-growl (~> 0.2.9)
  awesome_print (~> 0.3.2)
  fakeweb (~> 1.3.0)
  guard-rspec (~> 4.0.3)
  rake (~> 10.0.2)
  rspec (~> 2.14.0)
  webbynode!
